GEM
  remote: http://rubygems.org/
  specs:
    activemodel (4.2.7.1)
      activesupport (= 4.2.7.1)
      builder (~> 3.1)
    activeresource (4.1.0)
      activemodel (~> 4.0)
      activesupport (~> 4.0)
      rails-observers (~> 0.1.2)
    activesupport (4.2.7.1)
      i18n (~> 0.7)
      json (~> 1.7, >= 1.7.7)
      minitest (~> 5.1)
      thread_safe (~> 0.3, >= 0.3.4)
      tzinfo (~> 1.1)
    builder (3.2.2)
    diff-lcs (1.2.5)
    global_phone (1.0.1)
    highrise (3.2.3)
      activeresource (>= 3.2.13)
    i18n (0.7.0)
    iso_country_codes (0.7.5)
    json (1.8.3)
    mini_portile2 (2.1.0)
    minitest (5.9.1)
    move-to-go (5.0.3)
      bundler
      global_phone
      iso_country_codes
      nokogiri
      progress
      roo
      rubyzip
      sixarm_ruby_email_address_validation
      thor
    nokogiri (1.6.8.1-x64-mingw32)
      mini_portile2 (~> 2.1.0)
    progress (3.2.2)
    rails-observers (0.1.2)
      activemodel (~> 4.0)
    roo (2.5.1)
      nokogiri (~> 1)
      rubyzip (~> 1.1, < 2.0.0)
    rspec (3.5.0)
      rspec-core (~> 3.5.0)
      rspec-expectations (~> 3.5.0)
      rspec-mocks (~> 3.5.0)
    rspec-core (3.5.4)
      rspec-support (~> 3.5.0)
    rspec-expectations (3.5.0)
      diff-lcs (>= 1.2.0, < 2.0)
      rspec-support (~> 3.5.0)
    rspec-mocks (3.5.0)
      diff-lcs (>= 1.2.0, < 2.0)
      rspec-support (~> 3.5.0)
    rspec-support (3.5.0)
    rubyzip (1.2.0)
    sixarm_ruby_email_address_validation (2.0.2)
    thor (0.19.1)
    thread_safe (0.3.5)
    tzinfo (1.2.2)
      thread_safe (~> 0.1)

PLATFORMS
  x64-mingw32

DEPENDENCIES
  highrise
  move-to-go
  rspec

BUNDLED WITH
   1.13.5
